PATH
  remote: .
  specs:
    dorian-dot (0.2.0)

GEM
  remote: https://rubygems.org/
  specs:

PLATFORMS
  arm64-darwin-23
  ruby

DEPENDENCIES
  dorian-dot!

RUBY VERSION
   ruby 3.3.0p0

BUNDLED WITH
   2.5.6
